GIT
  remote: https://github.com/cloudfoundry/buildpack-packager
  revision: 6ea1f1146e0990503e4d60b5ac6a68bbc204aae3
  branch: windows-support
  specs:
    buildpack-packager (2.3.5)
      activesupport (~> 4.1)
      kwalify (~> 0)
      terminal-table (~> 1.4)

GEM
  remote: https://rubygems.org/
  specs:
    activesupport (4.2.7.1)
      i18n (~> 0.7)
      json (~> 1.7, >= 1.7.7)
      minitest (~> 5.1)
      thread_safe (~> 0.3, >= 0.3.4)
      tzinfo (~> 1.1)
    i18n (0.8.0)
    json (1.8.6)
    kwalify (0.7.2)
    minitest (5.10.1)
    terminal-table (1.7.3)
      unicode-display_width (~> 1.1.1)
    thread_safe (0.3.5)
    tzinfo (1.2.2)
      thread_safe (~> 0.1)
    unicode-display_width (1.1.3)

PLATFORMS
  ruby

DEPENDENCIES
  buildpack-packager!

RUBY VERSION
   ruby 2.3.1p112

BUNDLED WITH
   1.13.1
